GEM
  remote: https://rubygems.org/
  specs:
    bip_mnemonic (0.0.4)
    bitcoin-ruby (0.0.20)
      eventmachine
      ffi
      scrypt
    coderay (1.1.3)
    eventmachine (1.2.7)
    ffi (1.13.1)
    ffi-compiler (1.0.1)
      ffi (>= 1.0.0)
      rake
    method_source (1.0.0)
    money-tree (0.10.0)
      ffi
    pry (0.13.1)
      coderay (~> 1.1)
      method_source (~> 1.0)
    rake (13.0.1)
    scrypt (3.0.7)
      ffi-compiler (>= 1.0, < 2.0)

PLATFORMS
  ruby

DEPENDENCIES
  bip_mnemonic
  bitcoin-ruby (~> 0.0.18)
  money-tree
  pry

BUNDLED WITH
   2.1.4
